GIT
  remote: git://github.com/marshally/git_remote_branch.git
  revision: 805256a502ab509221bff54b9bf168110f406e78
  branch: fix_rainbow_bug
  specs:
    git_remote_branch (0.3.7)
      rainbow (~> 2.0.0)

PATH
  remote: .
  specs:
    trello_github (0.0.3)
      git
      git_remote_branch
      gli (= 2.8.1)

GEM
  remote: https://rubygems.org/
  specs:
    aruba (0.5.3)
      childprocess (>= 0.3.6)
      cucumber (>= 1.1.1)
      rspec-expectations (>= 2.7.0)
    builder (3.2.2)
    childprocess (0.3.9)
      ffi (~> 1.0, >= 1.0.11)
    cucumber (1.3.10)
      builder (>= 2.1.2)
      diff-lcs (>= 1.1.3)
      gherkin (~> 2.12)
      multi_json (>= 1.7.5, < 2.0)
      multi_test (>= 0.0.2)
    diff-lcs (1.2.5)
    ffi (1.9.3)
    gherkin (2.12.2)
      multi_json (~> 1.3)
    git (1.2.6)
    gli (2.8.1)
    multi_json (1.8.2)
    multi_test (0.0.2)
    rainbow (2.0.0)
    rake (10.1.0)
    rspec-expectations (2.14.4)
      diff-lcs (>= 1.1.3, < 2.0)

PLATFORMS
  ruby

DEPENDENCIES
  aruba
  git
  git_remote_branch!
  rake
  trello_github!
